{
	"TaskName": "p300",
	"Manufacturer": "g.tec Unicorn Hybrid Black",
	"PowerLineFrequency": 50.0,
	"SamplingFrequency": 250.0,
	"SoftwareFilters": "n/a",
	"RecordingDuration": 297.996,
	"RecordingType": "continuous",
	"EEGReference": "right mastoid",
	"EEGGround": "left mastoid",
	"EEGPlacementScheme": "10-20 system",
	"EEGChannelCount": 8,
	"EOGChannelCount": 0,
	"ECGChannelCount": 0,
	"EMGChannelCount": 0,
	"TriggerChannelCount": 0,
	"ManufacturersModelName": "g.tec Unicorn Hybrid Black",
	"CapManufacturer": "g.tec",
	"CapManufacturersModelName": "Unicorn Hybrid Black",
	"SoftwareVersions": "n/a",
	"HardwareFilters": "n/a",
	"TaskDescription": "Within-subject study with two main sessions separated by visual texture swap (counterbalanced). Each session: calibration, tutorial, practice run with Complex Task (5 targets) and Speller Task (10 targets). Optional free-play third session for 16 participants. Trial duration: 0.9s, SOA: 100.0ms.",
	"Instructions": "minimize movement during recording to reduce motion artifacts, focus on flickering targets for calibration and task completion",
	"CogAtlasID": "https://www.cognitiveatlas.org/task/id/tsk_GxjZBNiJorj1K/",
	"InstitutionName": "University of Trento",
	"InstitutionAddress": "38122, Trento, Italy",
	"InstitutionalDepartmentName": "n/a",
	"SubjectArtefactDescription": "n/a",
	"DeviceSerialNumber": "n/a",
	"Description": "BrainForm: a Serious Game for BCI Training and Data Collection - gamified BCI training system designed for scalable data collection using consumer hardware",
	"MISCChannelCount": 0
}